PATH
  remote: .
  specs:
    Model Grinder (0.1.0)
      randexp

GEM
  remote: http://rubygems.org/
  specs:
    activemodel (3.2.9)
      activesupport (= 3.2.9)
      builder (~> 3.0.0)
    activerecord (3.2.9)
      activemodel (= 3.2.9)
      activesupport (= 3.2.9)
      arel (~> 3.0.2)
      tzinfo (~> 0.3.29)
    activesupport (3.2.9)
      i18n (~> 0.6)
      multi_json (~> 1.0)
    addressable (2.2.8)
    arel (3.0.2)
    bson (1.7.0)
    bson_ext (1.7.0)
      bson (~> 1.7.0)
    builder (3.0.4)
    data_objects (0.10.10)
      addressable (~> 2.1)
    diff-lcs (1.1.3)
    dm-core (1.2.0)
      addressable (~> 2.2.6)
    dm-do-adapter (1.2.0)
      data_objects (~> 0.10.6)
      dm-core (~> 1.2.0)
    dm-migrations (1.2.0)
      dm-core (~> 1.2.0)
    dm-sqlite-adapter (1.2.0)
      dm-do-adapter (~> 1.2.0)
      do_sqlite3 (~> 0.10.6)
    do_sqlite3 (0.10.10)
      data_objects (= 0.10.10)
    i18n (0.6.1)
    mongo (1.7.0)
      bson (~> 1.7.0)
    mongoid (3.0.11)
      activemodel (~> 3.1)
      moped (~> 1.1)
      origin (~> 1.0)
      tzinfo (~> 0.3.22)
    moped (1.2.9)
    multi_json (1.3.7)
    origin (1.0.10)
    randexp (0.1.7)
    rspec (2.12.0)
      rspec-core (~> 2.12.0)
      rspec-expectations (~> 2.12.0)
      rspec-mocks (~> 2.12.0)
    rspec-core (2.12.0)
    rspec-expectations (2.12.0)
      diff-lcs (~> 1.1.3)
    rspec-mocks (2.12.0)
    sqlite3 (1.3.6)
    tzinfo (0.3.35)

PLATFORMS
  ruby

DEPENDENCIES
  Model Grinder!
  activerecord (= 3.2.9)
  bson (= 1.7.0)
  bson_ext (= 1.7.0)
  dm-core
  dm-migrations
  dm-sqlite-adapter
  mongo (= 1.7.0)
  mongoid (= 3.0.11)
  rspec
  sqlite3 (= 1.3.6)
